GEM
  remote: https://rubygems.org/
  specs:
    countries (0.8.3)
      currencies (>= 0.4.0)
    currencies (0.4.0)

PLATFORMS
  ruby

DEPENDENCIES
  countries (~> 0.8.3)
